PATH
  remote: .
  specs:
    s3_meta_sync (0.8.1)
      aws-sdk-core (~> 2.0)

GEM
  remote: https://rubygems.org/
  specs:
    aws-sdk-core (2.2.16)
      jmespath (~> 1.0)
    bump (0.3.9)
    byebug (2.6.0)
      columnize (~> 0.3)
      debugger-linecache (~> 1.2)
    columnize (0.3.6)
    debugger-linecache (1.2.0)
    diff-lcs (1.2.5)
    jmespath (1.1.3)
    rake (10.0.3)
    rspec (3.5.0)
      rspec-core (~> 3.5.0)
      rspec-expectations (~> 3.5.0)
      rspec-mocks (~> 3.5.0)
    rspec-core (3.5.2)
      rspec-support (~> 3.5.0)
    rspec-expectations (3.5.0)
      diff-lcs (>= 1.2.0, < 2.0)
      rspec-support (~> 3.5.0)
    rspec-mocks (3.5.0)
      diff-lcs (>= 1.2.0, < 2.0)
      rspec-support (~> 3.5.0)
    rspec-support (3.5.0)

PLATFORMS
  ruby

DEPENDENCIES
  bump
  byebug
  rake
  rspec (~> 3)
  s3_meta_sync!

BUNDLED WITH
   1.12.5
