PATH
  remote: .
  specs:
    s3_meta_sync (0.7.0)
      aws-sdk-core (~> 2.0)

GEM
  remote: https://rubygems.org/
  specs:
    aws-sdk-core (2.2.16)
      jmespath (~> 1.0)
    bump (0.3.9)
    byebug (2.6.0)
      columnize (~> 0.3)
      debugger-linecache (~> 1.2)
    columnize (0.3.6)
    debugger-linecache (1.2.0)
    diff-lcs (1.1.3)
    jmespath (1.1.3)
    rake (10.0.3)
    rspec (2.12.0)
      rspec-core (~> 2.12.0)
      rspec-expectations (~> 2.12.0)
      rspec-mocks (~> 2.12.0)
    rspec-core (2.12.2)
    rspec-expectations (2.12.1)
      diff-lcs (~> 1.1.3)
    rspec-mocks (2.12.2)

PLATFORMS
  ruby

DEPENDENCIES
  bump
  byebug
  rake
  rspec (~> 2)
  s3_meta_sync!

BUNDLED WITH
   1.12.5
