PATH
  remote: .
  specs:
    s3_meta_sync (0.14.0)
      aws-sdk-s3 (~> 1.0)

GEM
  remote: https://rubygems.org/
  specs:
    aws-eventstream (1.0.1)
    aws-partitions (1.96.0)
    aws-sdk-core (3.22.1)
      aws-eventstream (~> 1.0)
      aws-partitions (~> 1.0)
      aws-sigv4 (~> 1.0)
      jmespath (~> 1.0)
    aws-sdk-kms (1.6.0)
      aws-sdk-core (~> 3)
      aws-sigv4 (~> 1.0)
    aws-sdk-s3 (1.17.0)
      aws-sdk-core (~> 3, >= 3.21.2)
      aws-sdk-kms (~> 1)
      aws-sigv4 (~> 1.0)
    aws-sigv4 (1.0.3)
    bump (0.3.9)
    byebug (2.6.0)
      columnize (~> 0.3)
      debugger-linecache (~> 1.2)
    columnize (0.3.6)
    debugger-linecache (1.2.0)
    diff-lcs (1.2.5)
    jmespath (1.4.0)
    rack (2.0.1)
    rake (10.0.3)
    rspec (3.5.0)
      rspec-core (~> 3.5.0)
      rspec-expectations (~> 3.5.0)
      rspec-mocks (~> 3.5.0)
    rspec-core (3.5.2)
      rspec-support (~> 3.5.0)
    rspec-expectations (3.5.0)
      diff-lcs (>= 1.2.0, < 2.0)
      rspec-support (~> 3.5.0)
    rspec-mocks (3.5.0)
      diff-lcs (>= 1.2.0, < 2.0)
      rspec-support (~> 3.5.0)
    rspec-support (3.5.0)
    single_cov (0.5.9)
    stub_server (0.2.1)
      rack

PLATFORMS
  ruby

DEPENDENCIES
  bump
  byebug
  rake
  rspec (~> 3)
  s3_meta_sync!
  single_cov
  stub_server

BUNDLED WITH
   1.16.1
